PATH
  remote: .
  specs:
    ruby_toys (0.1.1)

GEM
  remote: https://rubygems.org/
  specs:
    minitest (5.25.5)
    rake (13.2.1)

PLATFORMS
  arm64-darwin-24

DEPENDENCIES
  minitest (~> 5.0)
  rake (~> 13.0)
  ruby_toys!

BUNDLED WITH
   2.4.19
